GEM
  remote: https://rubygems.org/
  specs:
    activesupport (5.2.6)
      concurrent-ruby (~> 1.0, >= 1.0.2)
      i18n (>= 0.7, < 2)
      minitest (~> 5.1)
      tzinfo (~> 1.1)
    addressable (2.8.0)
      public_suffix (>= 2.0.2, < 5.0)
    ansi (1.5.0)
    ast (2.4.2)
    backports (3.21.0)
    beaker (4.26.0)
      beaker-hostgenerator
      hocon (~> 1.0)
      in-parallel (~> 0.1)
      inifile (~> 3.0)
      minitar (~> 0.6)
      minitest (~> 5.4)
      net-scp (~> 1.2)
      net-ssh (>= 5.0)
      open_uri_redirections (~> 0.2.1)
      pry-byebug (~> 3.6)
      rb-readline (~> 0.5.3)
      rsync (~> 1.0.9)
      stringify-hash (~> 0.0)
      thor (>= 1.0.1, < 2.0)
    beaker-abs (0.9.0)
      beaker (~> 4.0)
      vmfloaty (>= 1.0, < 2)
    beaker-answers (0.29.0)
      hocon (~> 1.0)
      require_all (>= 1.3.2, < 3.1.0)
      stringify-hash (~> 0.0.0)
    beaker-docker (0.8.4)
      docker-api (~> 2.1)
      stringify-hash (~> 0.0.0)
    beaker-hostgenerator (1.8.0)
      deep_merge (~> 1.0)
    beaker-pe (2.11.16)
      beaker (~> 4.0)
      beaker-abs
      beaker-answers (~> 0.0)
      beaker-puppet (~> 1.0)
      beaker-vmpooler (~> 1.0)
      stringify-hash (~> 0.0.0)
    beaker-puppet (1.22.1)
      beaker (~> 4.1)
      in-parallel (~> 0.1)
      oga
    beaker-puppet_install_helper (0.9.8)
      beaker (~> 4.0)
      beaker-pe (~> 2.0)
    beaker-rspec (6.3.0)
      beaker (> 3.0)
      beaker-pe
      rspec (~> 3.0)
      serverspec (~> 2)
      specinfra (~> 2)
    beaker-vagrant (0.7.1)
    beaker-vmpooler (1.4.0)
      stringify-hash (~> 0.0.0)
    byebug (11.1.3)
    coderay (1.1.3)
    colored2 (3.1.2)
    colorize (0.8.1)
    commander (4.4.6)
      highline (~> 1.7.2)
    concurrent-ruby (1.1.9)
    cri (2.15.10)
    deep_merge (1.2.1)
    diff-lcs (1.4.4)
    docile (1.4.0)
    docker-api (2.2.0)
      excon (>= 0.47.0)
      multi_json
    domain_name (0.5.20190701)
      unf (>= 0.0.5, < 1.0.0)
    ethon (0.15.0)
      ffi (>= 1.15.0)
    excon (0.88.0)
    facter (2.5.7)
    facterdb (1.10.1)
      facter (< 5.0.0)
      jgrep
    faraday (0.17.4)
      multipart-post (>= 1.2, < 3)
    faraday_middleware (0.14.0)
      faraday (>= 0.7.4, < 1.0)
    fast_gettext (1.1.2)
    ffi (1.15.4)
    gettext (3.2.9)
      locale (>= 2.0.5)
      text (>= 1.3.0)
    gettext-setup (0.34)
      fast_gettext (~> 1.1.0)
      gettext (>= 3.0.2, < 3.3.0)
      locale
    gh (0.16.0)
      activesupport (~> 5.0)
      addressable (~> 2.4)
      faraday (~> 0.8)
      faraday_middleware (~> 0.14)
      multi_json (~> 1.0)
      net-http-persistent (~> 2.9)
      net-http-pipeline
    github-markup (4.0.0)
    hiera (3.7.0)
    hiera-puppet-helper (1.0.1)
    highline (1.7.10)
    hocon (1.3.1)
    http-cookie (1.0.4)
      domain_name (~> 0.5)
    i18n (1.8.10)
      concurrent-ruby (~> 1.0)
    in-parallel (0.1.17)
    inifile (3.0.0)
    jgrep (1.5.4)
    json (2.6.1)
    json-schema (2.8.1)
      addressable (>= 2.4)
    jwt (2.2.3)
    launchy (2.5.0)
      addressable (~> 2.7)
    locale (2.1.3)
    log4r (1.1.10)
    metadata-json-lint (3.0.1)
      json-schema (~> 2.8)
      spdx-licenses (~> 1.0)
    method_source (1.0.0)
    mime-types (2.99.3)
    mini_portile2 (2.6.1)
    minitar (0.9)
    minitest (5.14.4)
    mocha (1.13.0)
    multi_json (1.15.0)
    multipart-post (2.1.1)
    net-http-persistent (2.9.4)
    net-http-pipeline (1.0.1)
    net-scp (1.2.1)
      net-ssh (>= 2.6.5)
    net-ssh (6.1.0)
    net-telnet (0.1.1)
    netrc (0.11.0)
    nokogiri (1.12.5)
      mini_portile2 (~> 2.6.1)
      racc (~> 1.4)
    oga (3.3)
      ast
      ruby-ll (~> 2.1)
    open_uri_redirections (0.2.1)
    pager (1.0.1)
    parallel (1.21.0)
    parallel_tests (2.24.0)
      parallel
    parser (3.0.2.0)
      ast (~> 2.4.1)
    pathspec (0.2.1)
    pry (0.14.1)
      coderay (~> 1.1)
      method_source (~> 1.0)
    pry-byebug (3.8.0)
      byebug (~> 11.0)
      pry (~> 0.10)
    pry-doc (1.2.0)
      pry (~> 0.11)
      yard (~> 0.9.11)
    public_suffix (4.0.6)
    puppet (5.5.22)
      facter (> 2.0.1, < 4)
      fast_gettext (~> 1.1.2)
      hiera (>= 3.2.1, < 4)
      locale (~> 2.1)
      multi_json (~> 1.10)
    puppet-blacksmith (3.4.0)
      puppet (>= 2.7.16)
      rest-client (~> 1.8.0)
    puppet-lint (2.5.2)
    puppet-lint-empty_string-check (0.2.2)
      puppet-lint (>= 1.0, < 3.0)
    puppet-lint-trailing_comma-check (0.4.2)
      puppet-lint (>= 1.0, < 3.0)
    puppet-strings (2.8.0)
      rgen
      yard (~> 0.9.5)
    puppet-syntax (3.1.0)
      puppet (>= 5)
      rake
    puppet_forge (2.3.4)
      faraday (>= 0.9.0, < 0.18.0, != 0.13.1)
      faraday_middleware (>= 0.9.0, < 0.15.0)
      gettext-setup (~> 0.11)
      minitar
      semantic_puppet (~> 1.0)
    puppetlabs_spec_helper (2.16.0)
      mocha (~> 1.0)
      pathspec (>= 0.2.1, < 1.1.0)
      puppet-lint (~> 2.0)
      puppet-syntax (>= 2.0, < 4)
      rspec-puppet (~> 2.0)
    pusher-client (0.6.2)
      json
      websocket (~> 1.0)
    r10k (3.13.0)
      colored2 (= 3.1.2)
      cri (= 2.15.10)
      fast_gettext (~> 1.1.0)
      gettext (>= 3.0.2, < 3.3.0)
      gettext-setup (~> 0.24)
      jwt (~> 2.2.3)
      log4r (= 1.1.10)
      multi_json (~> 1.10)
      puppet_forge (~> 2.3.0)
    racc (1.6.0)
    rainbow (3.0.0)
    rake (12.3.3)
    rb-readline (0.5.5)
    redcarpet (3.5.1)
    regexp_parser (2.1.1)
    require_all (3.0.0)
    rest-client (1.8.0)
      http-cookie (>= 1.0.2, < 2.0)
      mime-types (>= 1.16, < 3.0)
      netrc (~> 0.7)
    rexml (3.2.5)
    rgen (0.9.0)
    rspec (3.10.0)
      rspec-core (~> 3.10.0)
      rspec-expectations (~> 3.10.0)
      rspec-mocks (~> 3.10.0)
    rspec-core (3.10.1)
      rspec-support (~> 3.10.0)
    rspec-expectations (3.10.1)
      diff-lcs (>= 1.2.0, < 2.0)
      rspec-support (~> 3.10.0)
    rspec-its (1.3.0)
      rspec-core (>= 3.0.0)
      rspec-expectations (>= 3.0.0)
    rspec-mocks (3.10.2)
      diff-lcs (>= 1.2.0, < 2.0)
      rspec-support (~> 3.10.0)
    rspec-puppet (2.10.0)
      rspec
    rspec-puppet-facts (2.0.3)
      facter
      facterdb (>= 0.5.0)
      puppet
    rspec-support (3.10.2)
    rsync (1.0.9)
    rubocop (0.93.1)
      parallel (~> 1.10)
      parser (>= 2.7.1.5)
      rainbow (>= 2.2.2, < 4.0)
      regexp_parser (>= 1.8)
      rexml
      rubocop-ast (>= 0.6.0)
      ruby-progressbar (~> 1.7)
      unicode-display_width (>= 1.4.0, < 2.0)
    rubocop-ast (1.12.0)
      parser (>= 3.0.1.1)
    rubocop-i18n (2.0.2)
      rubocop (~> 0.51)
    rubocop-rspec (1.44.1)
      rubocop (~> 0.87)
      rubocop-ast (>= 0.7.1)
    ruby-ll (2.1.2)
      ansi
      ast
    ruby-progressbar (1.11.0)
    semantic_puppet (1.0.4)
    serverspec (2.41.8)
      multi_json
      rspec (~> 3.0)
      rspec-its
      specinfra (~> 2.72)
    sfl (2.3)
    simp-beaker-helpers (1.14.3)
      beaker (~> 4.0)
      beaker-docker (~> 0.3)
      beaker-puppet (~> 1.0)
      beaker-puppet_install_helper (~> 0.9)
      beaker-rspec (~> 6.2)
      beaker-vagrant (~> 0.5)
      highline (~> 1.6)
      net-telnet (~> 0.1.1)
      nokogiri (~> 1.8)
    simp-rake-helpers (5.12.7)
      bundler (>= 1.14, < 3.0)
      pager (~> 1.0)
      parallel (~> 1.0)
      parallel_tests (> 2.4, < 2.25)
      puppet (>= 3.0, < 8.0)
      puppet-blacksmith (~> 3.3)
      puppet-lint (>= 1.0, < 3.0)
      puppetlabs_spec_helper (~> 2.0)
      r10k (>= 2.2, < 4.0)
      rake (>= 10.0, < 13.0)
      ruby-progressbar (~> 1.0)
      simp-beaker-helpers (~> 1.11)
      simp-rspec-puppet-facts (>= 2.4.1, < 4.0)
    simp-rspec-puppet-facts (3.3.0)
      facter (>= 2.5.0, < 3.0)
      json (>= 1.0)
      rspec-puppet-facts
    simplecov (0.21.2)
      docile (~> 1.1)
      simplecov-html (~> 0.11)
      simplecov_json_formatter (~> 0.1)
    simplecov-html (0.12.3)
    simplecov_json_formatter (0.1.3)
    spdx-licenses (1.3.0)
    specinfra (2.83.1)
      net-scp
      net-ssh (>= 2.7)
      net-telnet (= 0.1.1)
      sfl
    stringify-hash (0.0.2)
    text (1.3.1)
    thor (1.1.0)
    thread_safe (0.3.6)
    travis (1.8.13)
      backports
      faraday (~> 0.9)
      faraday_middleware (~> 0.9, >= 0.9.1)
      gh (~> 0.13)
      highline (~> 1.6)
      launchy (~> 2.1)
      pusher-client (~> 0.4)
      typhoeus (~> 0.6, >= 0.6.8)
    travish (1.0.0)
    typhoeus (0.8.0)
      ethon (>= 0.8.0)
    tzinfo (1.2.9)
      thread_safe (~> 0.1)
    unf (0.1.4)
      unf_ext
    unf_ext (0.0.8)
    unicode-display_width (1.8.0)
    vmfloaty (1.3.0)
      colorize (~> 0.8.1)
      commander (>= 4.4.3, < 4.6.0)
      faraday (~> 0.17.0)
    websocket (1.2.9)
    yard (0.9.26)

PLATFORMS
  ruby

DEPENDENCIES
  beaker
  beaker-rspec
  github-markup
  hiera-puppet-helper
  metadata-json-lint
  pry
  pry-doc
  puppet (~> 5.5)
  puppet-lint-empty_string-check
  puppet-lint-trailing_comma-check
  puppet-strings
  puppetlabs_spec_helper
  rake
  redcarpet
  rspec
  rspec-mocks
  rspec-puppet
  rubocop
  rubocop-i18n (~> 2.0)
  rubocop-rspec
  simp-beaker-helpers (~> 1.14)
  simp-rake-helpers (~> 5.11)
  simp-rspec-puppet-facts (~> 3.1)
  simplecov
  travis
  travish
  yard

BUNDLED WITH
   1.17.3
