GEM
  remote: https://rubygems.org/
  specs:
    CFPropertyList (2.3.6)
    addressable (2.4.0)
    ansi (1.5.0)
    ast (2.4.0)
    aws-eventstream (1.0.1)
    aws-partitions (1.96.0)
    aws-sdk-core (3.22.1)
      aws-eventstream (~> 1.0)
      aws-partitions (~> 1.0)
      aws-sigv4 (~> 1.0)
      jmespath (~> 1.0)
    aws-sdk-ec2 (1.40.0)
      aws-sdk-core (~> 3)
      aws-sigv4 (~> 1.0)
    aws-sigv4 (1.0.3)
    backports (3.11.3)
    beaker (3.37.0)
      beaker-abs (~> 0.4)
      beaker-aws (~> 0.1)
      beaker-docker (~> 0.1)
      beaker-google (~> 0.1)
      beaker-hiera (~> 0.0)
      beaker-hostgenerator
      beaker-openstack (~> 0.1)
      beaker-puppet (~> 0.0)
      beaker-vagrant (~> 0.1)
      beaker-vcloud (~> 0.1)
      beaker-vmpooler (~> 1.0)
      beaker-vmware (~> 0.1)
      hocon (~> 1.0)
      in-parallel (~> 0.1)
      inifile (~> 3.0)
      minitar (~> 0.6)
      minitest (~> 5.4)
      net-scp (~> 1.2)
      net-ssh (~> 4.0)
      open_uri_redirections (~> 0.2.1)
      pry-byebug (~> 3.4.2)
      rb-readline (~> 0.5.3)
      rsync (~> 1.0.9)
      stringify-hash (~> 0.0)
      thor (~> 0.19)
    beaker-abs (0.5.0)
    beaker-aws (0.6.0)
      aws-partitions (~> 1.91)
      aws-sdk-ec2 (~> 1.35)
      stringify-hash (~> 0.0.0)
    beaker-docker (0.3.3)
      docker-api
      stringify-hash (~> 0.0.0)
    beaker-google (0.1.0)
      google-api-client (~> 0.9)
      stringify-hash (~> 0.0.0)
    beaker-hiera (0.1.1)
      stringify-hash (~> 0.0.0)
    beaker-hostgenerator (1.1.14)
      deep_merge (~> 1.0)
      stringify-hash (~> 0.0.0)
    beaker-openstack (0.2.0)
      fog-openstack
      stringify-hash (~> 0.0.0)
    beaker-puppet (0.8.0)
      in-parallel (~> 0.1)
      oga
      stringify-hash (~> 0.0.0)
    beaker-puppet_install_helper (0.9.4)
      beaker (>= 2.0)
    beaker-rspec (6.2.3)
      beaker (~> 3.0)
      rspec (~> 3.0)
      serverspec (~> 2)
      specinfra (~> 2)
    beaker-vagrant (0.5.0)
      stringify-hash (~> 0.0.0)
    beaker-vcloud (0.3.0)
      beaker-vmpooler
      beaker-vmware
      rbvmomi (~> 1.9)
      stringify-hash (~> 0.0.0)
    beaker-vmpooler (1.3.0)
      stringify-hash (~> 0.0.0)
    beaker-vmware (0.3.0)
      fission (~> 0.4)
      rbvmomi (~> 1.9)
      stringify-hash (~> 0.0.0)
    builder (3.2.3)
    byebug (9.0.6)
    coderay (1.1.2)
    colored (1.2)
    cri (2.6.1)
      colored (~> 1.2)
    declarative (0.0.10)
    declarative-option (0.1.0)
    deep_merge (1.2.1)
    diff-lcs (1.3)
    docker-api (1.34.2)
      excon (>= 0.47.0)
      multi_json
    domain_name (0.5.20180417)
      unf (>= 0.0.5, < 1.0.0)
    ethon (0.11.0)
      ffi (>= 1.3.0)
    excon (0.62.0)
    facter (2.5.1)
    faraday (0.13.1)
      multipart-post (>= 1.2, < 3)
    faraday_middleware (0.12.2)
      faraday (>= 0.7.4, < 1.0)
    fast_gettext (1.1.2)
    ffi (1.9.25)
    fission (0.5.0)
      CFPropertyList (~> 2.2)
    fog-core (1.45.0)
      builder
      excon (~> 0.58)
      formatador (~> 0.2)
    fog-json (1.2.0)
      fog-core
      multi_json (~> 1.10)
    fog-openstack (0.1.25)
      fog-core (~> 1.40)
      fog-json (>= 1.0)
      ipaddress (>= 0.8)
    formatador (0.2.5)
    gettext (3.2.9)
      locale (>= 2.0.5)
      text (>= 1.3.0)
    gettext-setup (0.30)
      fast_gettext (~> 1.1.0)
      gettext (>= 3.0.2)
      locale
    gh (0.15.1)
      addressable (~> 2.4.0)
      backports
      faraday (~> 0.8)
      multi_json (~> 1.0)
      net-http-persistent (~> 2.9)
      net-http-pipeline
    google-api-client (0.10.3)
      addressable (~> 2.3)
      googleauth (~> 0.5)
      httpclient (~> 2.7)
      hurley (~> 0.1)
      memoist (~> 0.11)
      mime-types (>= 1.6)
      representable (~> 3.0)
      retriable (>= 2.0, < 4.0)
    googleauth (0.6.2)
      faraday (~> 0.12)
      jwt (>= 1.4, < 3.0)
      logging (~> 2.0)
      memoist (~> 0.12)
      multi_json (~> 1.11)
      os (~> 0.9)
      signet (~> 0.7)
    hiera (3.4.3)
    hiera-puppet-helper (1.0.1)
    highline (1.7.10)
    hocon (1.2.5)
    http-cookie (1.0.3)
      domain_name (~> 0.5)
    httpclient (2.8.3)
    hurley (0.2)
    in-parallel (0.1.17)
    inifile (3.0.0)
    ipaddress (0.8.3)
    jaro_winkler (1.5.1)
    jmespath (1.4.0)
    json (1.8.6)
    json-schema (2.8.0)
      addressable (>= 2.4)
    json_pure (1.8.6)
    jwt (2.1.0)
    launchy (2.4.3)
      addressable (~> 2.3)
    listen (3.0.8)
      rb-fsevent (~> 0.9, >= 0.9.4)
      rb-inotify (~> 0.9, >= 0.9.7)
    little-plugger (1.1.4)
    locale (2.1.2)
    log4r (1.1.10)
    logging (2.2.2)
      little-plugger (~> 1.1)
      multi_json (~> 1.10)
    memoist (0.16.0)
    metaclass (0.0.4)
    metadata-json-lint (2.1.0)
      json-schema (~> 2.8)
      spdx-licenses (~> 1.0)
    method_source (0.9.0)
    mime-types (2.99.3)
    mini_portile2 (2.3.0)
    minitar (0.6.1)
    minitest (5.11.3)
    mocha (1.6.0)
      metaclass (~> 0.0.1)
    multi_json (1.13.1)
    multipart-post (2.0.0)
    net-http-persistent (2.9.4)
    net-http-pipeline (1.0.1)
    net-scp (1.2.1)
      net-ssh (>= 2.6.5)
    net-ssh (4.2.0)
    net-telnet (0.1.1)
    netrc (0.11.0)
    nokogiri (1.8.4)
      mini_portile2 (~> 2.3.0)
    oga (2.15)
      ast
      ruby-ll (~> 2.1)
    open_uri_redirections (0.2.1)
    os (0.9.6)
    pager (1.0.1)
    parallel (1.12.1)
    parallel_tests (2.22.0)
      parallel
    parser (2.5.1.2)
      ast (~> 2.4.0)
    powerpack (0.1.2)
    pry (0.11.3)
      coderay (~> 1.1.0)
      method_source (~> 0.9.0)
    pry-byebug (3.4.3)
      byebug (>= 9.0, < 9.1)
      pry (~> 0.10)
    pry-doc (0.13.4)
      pry (~> 0.11)
      yard (~> 0.9.11)
    puppet (4.10.12)
      facter (> 2.0, < 4)
      gettext-setup (>= 0.10, < 1)
      hiera (>= 2.0, < 4)
      json_pure (~> 1.8)
      locale (~> 2.1)
    puppet-blacksmith (3.4.0)
      puppet (>= 2.7.16)
      rest-client (~> 1.8.0)
    puppet-lint (2.3.6)
    puppet-lint-empty_string-check (0.2.2)
      puppet-lint (>= 1.0, < 3.0)
    puppet-lint-trailing_comma-check (0.3.2)
      puppet-lint (>= 1.0, < 3.0)
    puppet-strings (2.1.0)
      rgen
      yard (~> 0.9.5)
    puppet-syntax (2.4.1)
      rake
    puppet_forge (2.2.9)
      faraday (>= 0.9.0, < 0.14.0)
      faraday_middleware (>= 0.9.0, < 0.13.0)
      gettext-setup (~> 0.11)
      minitar
      semantic_puppet (~> 1.0)
    puppetlabs_spec_helper (1.2.2)
      mocha (~> 1.0)
      puppet-lint (~> 2.0)
      puppet-syntax (~> 2.0)
      rspec-puppet (~> 2.0)
    pusher-client (0.6.2)
      json
      websocket (~> 1.0)
    r10k (2.6.3)
      colored (= 1.2)
      cri (~> 2.6.1)
      gettext-setup (~> 0.5)
      log4r (= 1.1.10)
      multi_json (~> 1.10)
      puppet_forge (~> 2.2.8)
    rainbow (3.0.0)
    rake (12.3.1)
    rb-fsevent (0.10.3)
    rb-inotify (0.9.10)
      ffi (>= 0.5.0, < 2)
    rb-readline (0.5.5)
    rbvmomi (1.13.0)
      builder (~> 3.0)
      json (>= 1.8)
      nokogiri (~> 1.5)
      trollop (~> 2.1)
    representable (3.0.4)
      declarative (< 0.1.0)
      declarative-option (< 0.2.0)
      uber (< 0.2.0)
    rest-client (1.8.0)
      http-cookie (>= 1.0.2, < 2.0)
      mime-types (>= 1.16, < 3.0)
      netrc (~> 0.7)
    retriable (3.1.2)
    rgen (0.8.2)
    rspec (3.7.0)
      rspec-core (~> 3.7.0)
      rspec-expectations (~> 3.7.0)
      rspec-mocks (~> 3.7.0)
    rspec-core (3.7.1)
      rspec-support (~> 3.7.0)
    rspec-expectations (3.7.0)
      diff-lcs (>= 1.2.0, < 2.0)
      rspec-support (~> 3.7.0)
    rspec-its (1.2.0)
      rspec-core (>= 3.0.0)
      rspec-expectations (>= 3.0.0)
    rspec-mocks (3.7.0)
      diff-lcs (>= 1.2.0, < 2.0)
      rspec-support (~> 3.7.0)
    rspec-puppet (2.6.14)
      rspec
    rspec-puppet-facts (0.12.0)
      facter
      json
    rspec-support (3.7.1)
    rsync (1.0.9)
    rubocop (0.57.2)
      jaro_winkler (~> 1.5.1)
      parallel (~> 1.10)
      parser (>= 2.5)
      powerpack (~> 0.1)
      rainbow (>= 2.2.2, < 4.0)
      ruby-progressbar (~> 1.7)
      unicode-display_width (~> 1.0, >= 1.0.1)
    rubocop-rspec (1.27.0)
      rubocop (>= 0.56.0)
    ruby-ll (2.1.2)
      ansi
      ast
    ruby-progressbar (1.10.0)
    semantic_puppet (1.0.2)
    serverspec (2.41.3)
      multi_json
      rspec (~> 3.0)
      rspec-its
      specinfra (~> 2.72)
    sfl (2.3)
    signet (0.8.1)
      addressable (~> 2.3)
      faraday (~> 0.9)
      jwt (>= 1.5, < 3.0)
      multi_json (~> 1.10)
    simp-beaker-helpers (1.10.12)
      beaker (~> 3.14)
      beaker-puppet (~> 0.8.0)
      beaker-puppet_install_helper (~> 0.6)
      fog-openstack (= 0.1.25)
      highline (~> 1.6)
    simp-rake-helpers (3.7.0)
      beaker (~> 3.14)
      beaker-rspec (~> 6.1)
      bundler (~> 1.0)
      coderay (~> 1.0)
      listen (~> 3.0.6)
      pager
      parallel (~> 1.0)
      parallel_tests (~> 2.4)
      puppet (>= 3.0)
      puppet-blacksmith (~> 3.3)
      puppet-lint (>= 1.0, < 3.0)
      puppetlabs_spec_helper (~> 1.0)
      r10k (~> 2.2)
      rake (>= 10.0, < 13.0)
      rspec (~> 3.0)
      rspec-core (~> 3.0)
      simp-beaker-helpers (~> 1.0)
      simp-rspec-puppet-facts (~> 1.0)
    simp-rspec-puppet-facts (1.4.1)
      facter (>= 1.5.0, < 3.0)
      json (~> 1)
      rspec-puppet-facts (~> 0)
    spdx-licenses (1.2.0)
    specinfra (2.75.0)
      net-scp
      net-ssh (>= 2.7)
      net-telnet
      sfl
    stringify-hash (0.0.2)
    text (1.3.1)
    thor (0.20.0)
    travis (1.8.9)
      backports
      faraday (~> 0.9)
      faraday_middleware (~> 0.9, >= 0.9.1)
      gh (~> 0.13)
      highline (~> 1.6)
      launchy (~> 2.1)
      pusher-client (~> 0.4)
      typhoeus (~> 0.6, >= 0.6.8)
    travish (1.0.0)
    trollop (2.1.3)
    typhoeus (0.8.0)
      ethon (>= 0.8.0)
    uber (0.1.0)
    unf (0.1.4)
      unf_ext
    unf_ext (0.0.7.5)
    unicode-display_width (1.4.0)
    websocket (1.2.8)
    yard (0.9.15)

PLATFORMS
  ruby

DEPENDENCIES
  beaker
  beaker-rspec
  hiera-puppet-helper
  metadata-json-lint
  pry
  pry-doc
  puppet (~> 4.0)
  puppet-lint-empty_string-check
  puppet-lint-trailing_comma-check
  puppet-strings
  puppetlabs_spec_helper
  rake
  rspec
  rspec-puppet
  rubocop (~> 0.57.0)
  rubocop-rspec
  simp-beaker-helpers (~> 1.7)
  simp-rake-helpers (~> 3.5)
  simp-rspec-puppet-facts (~> 1.3)
  travis
  travish

BUNDLED WITH
   1.16.3
